GIT
  remote: git://github.com/ruby-opencv/ruby-opencv.git
  revision: 9af22123619b84dfb36646e2bdbe87691d5c9635
  branch: experimental/opencv3
  specs:
    ruby-opencv (0.0.15)

GEM
  remote: https://rubygems.org/
  specs:
    ai4r (1.13)
    cerebrum (0.1.3)
    classifier-reborn (2.2.0)
      fast-stemmer (~> 1.0)
    fast-stemmer (1.0.2)
    mini_portile2 (2.3.0)
    nokogiri (1.8.2)
      mini_portile2 (~> 2.3.0)
    scoruby (0.3.3)
      nokogiri (~> 1.7)

PLATFORMS
  ruby

DEPENDENCIES
  ai4r
  cerebrum
  classifier-reborn
  ruby-opencv!
  scoruby

BUNDLED WITH
   1.16.1
